PATH
  remote: .
  specs:
    cs_eventconsumer (0.0.1)
      bunny
      daemons
      json
      mongo

GEM
  remote: https://rubygems.org/
  specs:
    amq-protocol (1.7.0)
    bson (1.9.2)
    bunny (0.10.5)
      amq-protocol (>= 1.6.0)
    daemons (1.1.9)
    diff-lcs (1.2.4)
    json (1.8.0)
    mongo (1.9.2)
      bson (~> 1.9.2)
    rspec (2.14.1)
      rspec-core (~> 2.14.0)
      rspec-expectations (~> 2.14.0)
      rspec-mocks (~> 2.14.0)
    rspec-core (2.14.5)
    rspec-expectations (2.14.2)
      diff-lcs (>= 1.1.3, < 2.0)
    rspec-mocks (2.14.3)

PLATFORMS
  ruby

DEPENDENCIES
  cs_eventconsumer!
  rspec (~> 2.6)
